PATH
  remote: .
  specs:
    one_gadget (1.6.0)
      elftools (~> 1.0)

GEM
  remote: https://rubygems.org/
  specs:
    ast (2.4.0)
    bindata (2.4.3)
    diff-lcs (1.3)
    docile (1.3.0)
    elftools (1.0.1)
      bindata (~> 2)
    json (2.1.0)
    parallel (1.12.1)
    parser (2.5.1.0)
      ast (~> 2.4.0)
    powerpack (0.1.1)
    rainbow (3.0.0)
    rake (12.3.1)
    rspec (3.8.0)
      rspec-core (~> 3.8.0)
      rspec-expectations (~> 3.8.0)
      rspec-mocks (~> 3.8.0)
    rspec-core (3.8.0)
      rspec-support (~> 3.8.0)
    rspec-expectations (3.8.0)
      diff-lcs (>= 1.2.0, < 2.0)
      rspec-support (~> 3.8.0)
    rspec-mocks (3.8.0)
      diff-lcs (>= 1.2.0, < 2.0)
      rspec-support (~> 3.8.0)
    rspec-support (3.8.0)
    rubocop (0.56.0)
      parallel (~> 1.10)
      parser (>= 2.5)
      powerpack (~> 0.1)
      rainbow (>= 2.2.2, < 4.0)
      ruby-progressbar (~> 1.7)
      unicode-display_width (~> 1.0, >= 1.0.1)
    ruby-progressbar (1.9.0)
    simplecov (0.16.1)
      docile (~> 1.1)
      json (>= 1.8, < 3)
      simplecov-html (~> 0.10.0)
    simplecov-html (0.10.2)
    unicode-display_width (1.3.2)
    yard (0.9.15)

PLATFORMS
  ruby

DEPENDENCIES
  one_gadget!
  rake (~> 12.3)
  rspec (~> 3.7)
  rubocop (~> 0.55)
  simplecov (~> 0.16.1)
  yard (~> 0.9)

BUNDLED WITH
   1.16.1
